GEM
  remote: https://rubygems.org/
  specs:
    aws-sdk (1.8.5)
      json (~> 1.4)
      nokogiri (>= 1.4.4)
      uuidtools (~> 2.1)
    blankslate (2.1.2.4)
    bourbon (3.1.8)
      sass (>= 3.2.0)
      thor
    classifier (1.3.4)
      fast-stemmer (>= 1.0.0)
    coderay (1.1.0)
    colorator (0.1)
    colored (1.2)
    commander (4.1.5)
      highline (~> 1.6.11)
    configure-s3-website (1.5.1)
      deep_merge (= 1.0.0)
    deep_merge (1.0.0)
    em-websocket (0.5.0)
      eventmachine (>= 0.12.9)
      http_parser.rb (~> 0.5.3)
    erubis (2.7.0)
    eventmachine (1.0.3)
    fast-stemmer (1.0.2)
    ffi (1.9.3)
    filey-diff (1.4.3)
    formatador (0.2.4)
    guard (1.8.3)
      formatador (>= 0.2.4)
      listen (~> 1.3)
      lumberjack (>= 1.0.2)
      pry (>= 0.9.10)
      thor (>= 0.14.6)
    guard-jekyll (1.4.0)
      guard (>= 1.1.0)
      jekyll
    guard-livereload (1.4.0)
      em-websocket (>= 0.5.0)
      guard (>= 1.8.0)
      multi_json (~> 1.7)
    highline (1.6.20)
    hike (1.2.3)
    http_parser.rb (0.5.3)
    jekyll (1.4.3)
      classifier (~> 1.3)
      colorator (~> 0.1)
      commander (~> 4.1.3)
      liquid (~> 2.5.5)
      listen (~> 1.3)
      maruku (~> 0.7.0)
      pygments.rb (~> 0.5.0)
      redcarpet (~> 2.3.0)
      safe_yaml (~> 0.9.7)
      toml (~> 0.1.0)
    jekyll-assets (0.7.4)
      jekyll (~> 1.0)
      sprockets (~> 2.10)
    jekyll-s3 (3.2.0)
      aws-sdk (~> 1.8.5)
      configure-s3-website (~> 1)
      erubis (~> 2.7.0)
      filey-diff (~> 1)
      mime-types (= 1.19)
      simple-cloudfront-invalidator (~> 1)
    json (1.8.1)
    liquid (2.5.5)
    listen (1.3.1)
      rb-fsevent (>= 0.9.3)
      rb-inotify (>= 0.9)
      rb-kqueue (>= 0.2)
    lumberjack (1.0.4)
    maruku (0.7.1)
    method_source (0.8.2)
    mime-types (1.19)
    mini_portile (0.5.2)
    multi_json (1.8.4)
    neat (1.5.0)
      bourbon (>= 2.1)
      sass (>= 3.2)
    nokogiri (1.6.1)
      mini_portile (~> 0.5.0)
    parslet (1.5.0)
      blankslate (~> 2.0)
    posix-spawn (0.3.8)
    pry (0.9.12.4)
      coderay (~> 1.0)
      method_source (~> 0.8)
      slop (~> 3.4)
    pygments.rb (0.5.4)
      posix-spawn (~> 0.3.6)
      yajl-ruby (~> 1.1.0)
    rack (1.5.2)
    rb-fsevent (0.9.4)
    rb-inotify (0.9.3)
      ffi (>= 0.5.0)
    rb-kqueue (0.2.0)
      ffi (>= 0.5.0)
    redcarpet (2.3.0)
    safe_yaml (0.9.7)
    sass (3.2.13)
    simple-cloudfront-invalidator (1.0.1)
      colored (= 1.2)
    slop (3.4.7)
    sprockets (2.10.1)
      hike (~> 1.2)
      multi_json (~> 1.0)
      rack (~> 1.0)
      tilt (~> 1.1, != 1.3.0)
    thor (0.18.1)
    tilt (1.4.1)
    toml (0.1.0)
      parslet (~> 1.5.0)
    uuidtools (2.1.4)
    yajl-ruby (1.1.0)

PLATFORMS
  ruby

DEPENDENCIES
  bourbon
  guard
  guard-jekyll
  guard-livereload
  jekyll-assets
  jekyll-s3
  neat
  sass
