GEM
  remote: https://rubygems.org/
  specs:
    aws-sdk (1.8.5)
      json (~> 1.4)
      nokogiri (>= 1.4.4)
      uuidtools (~> 2.1)
    bourbon (3.1.6)
      sass (>= 3.2.0)
      thor
    classifier (1.3.3)
      fast-stemmer (>= 1.0.0)
    coderay (1.0.9)
    colorator (0.1)
    colored (1.2)
    commander (4.1.3)
      highline (~> 1.6.11)
    configure-s3-website (1.2.0)
    directory_watcher (1.4.1)
    em-websocket (0.5.0)
      eventmachine (>= 0.12.9)
      http_parser.rb (~> 0.5.3)
    erubis (2.7.0)
    eventmachine (1.0.3)
    fast-stemmer (1.0.2)
    ffi (1.8.1)
    filey-diff (1.1.0)
    formatador (0.2.4)
    guard (1.8.0)
      formatador (>= 0.2.4)
      listen (>= 1.0.0)
      lumberjack (>= 1.0.2)
      pry (>= 0.9.10)
      thor (>= 0.14.6)
    guard-jekyll (1.2.0)
      guard (>= 1.1.0)
      jekyll
    guard-livereload (1.4.0)
      em-websocket (>= 0.5.0)
      guard (>= 1.8.0)
      multi_json (~> 1.7)
    highline (1.6.19)
    hike (1.2.2)
    http_parser.rb (0.5.3)
    jekyll (1.0.2)
      classifier (~> 1.3)
      colorator (~> 0.1)
      commander (~> 4.1.3)
      directory_watcher (~> 1.4.1)
      kramdown (~> 1.0.2)
      liquid (~> 2.3)
      maruku (~> 0.5)
      pygments.rb (~> 0.5.0)
      safe_yaml (~> 0.7.0)
    jekyll-assets (0.5.1)
      jekyll (~> 1.0)
      sprockets (~> 2.9)
    jekyll-s3 (2.6.0)
      aws-sdk (~> 1.8.5)
      configure-s3-website (~> 1)
      erubis (~> 2.7.0)
      filey-diff (~> 1)
      mime-types (= 1.19)
      simple-cloudfront-invalidator (~> 1)
    json (1.8.0)
    kramdown (1.0.2)
    liquid (2.5.0)
    listen (1.1.1)
      rb-fsevent (>= 0.9.3)
      rb-inotify (>= 0.9)
      rb-kqueue (>= 0.2)
    lumberjack (1.0.3)
    maruku (0.6.1)
      syntax (>= 1.0.0)
    method_source (0.8.1)
    mime-types (1.19)
    multi_json (1.7.3)
    neat (1.2.1)
      bourbon (>= 2.1)
      sass (>= 3.2)
    nokogiri (1.5.9)
    posix-spawn (0.3.6)
    pry (0.9.12.2)
      coderay (~> 1.0.5)
      method_source (~> 0.8)
      slop (~> 3.4)
    pygments.rb (0.5.0)
      posix-spawn (~> 0.3.6)
      yajl-ruby (~> 1.1.0)
    rack (1.5.2)
    rb-fsevent (0.9.3)
    rb-inotify (0.9.0)
      ffi (>= 0.5.0)
    rb-kqueue (0.2.0)
      ffi (>= 0.5.0)
    safe_yaml (0.7.1)
    sass (3.2.8)
    simple-cloudfront-invalidator (1.0.0)
      colored (= 1.2)
    slop (3.4.5)
    sprockets (2.9.3)
      hike (~> 1.2)
      multi_json (~> 1.0)
      rack (~> 1.0)
      tilt (~> 1.1, != 1.3.0)
    syntax (1.0.0)
    thor (0.18.1)
    tilt (1.4.1)
    uuidtools (2.1.4)
    yajl-ruby (1.1.0)

PLATFORMS
  ruby

DEPENDENCIES
  bourbon
  guard
  guard-jekyll
  guard-livereload
  jekyll-assets
  jekyll-s3
  neat
  sass
